GEM
  remote: http://rubygems.org/
  specs:
    compass (0.10.2)
      haml (>= 3.0.4)
    haml (3.0.13)
    rack (1.4.1)
    rake (0.9.2.2)
    redgreengrid (0.3.2)
    staticmatic (0.11.0.alpha.8)
      compass (>= 0.10.0)
      haml (>= 2.0.0)
      rack (>= 1.0)

PLATFORMS
  ruby

DEPENDENCIES
  compass (= 0.10.2)
  haml (= 3.0.13)
  rake
  redgreengrid (>= 0.3.2)
  staticmatic (= 0.11.0.alpha.8)
